GEM
  remote: http://rubygems.org/
  specs:
    aws_cf_signer (0.1.1)
    bson (1.4.0)
    bson_ext (1.4.0)
    cloudinary (1.0.37)
      aws_cf_signer
      rest-client
    json (1.6.1)
    mime-types (1.19)
    mongo (1.4.0)
      bson (= 1.4.0)
    mustermann (1.0.3)
    rack (2.0.8)
    rack-protection (2.0.7)
      rack
    rest-client (1.6.7)
      mime-types (>= 1.16)
    sinatra (2.0.7)
      mustermann (~> 1.0)
      rack (~> 2.0)
      rack-protection (= 2.0.7)
      tilt (~> 2.0)
    tilt (2.0.10)

PLATFORMS
  ruby

DEPENDENCIES
  bson_ext
  cloudinary
  json
  mongo
  sinatra (>= 1.3.1)

BUNDLED WITH
   1.17.3
